GIT
  remote: https://github.com/deep-cover/deep-cover.git
  revision: d7aba4fa956d226d582b1f2cc126d50b10be3503
  ref: d7aba4fa956d226d582b1f2cc126d50b10be3503
  specs:
    deep-cover (0.6.3.pre)
      bundler
      deep-cover-core (= 0.6.3.pre)
      highline
      slop (~> 4.0)
      term-ansicolor
      with_progress
    deep-cover-core (0.6.3.pre)
      backports (>= 3.11.0)
      binding_of_caller
      parser (~> 2.5.0)
      pry
      terminal-table

GEM
  remote: https://rubygems.org/
  specs:
    ast (2.4.0)
    backports (3.12.0)
    binding_of_caller (0.8.0)
      debug_inspector (>= 0.0.1)
    coderay (1.1.2)
    debug_inspector (0.0.3)
    diff-lcs (1.3)
    highline (2.0.1)
    method_source (0.9.2)
    parser (2.5.3.0)
      ast (~> 2.4.0)
    pry (0.12.2)
      coderay (~> 1.1.0)
      method_source (~> 0.9.0)
    rspec (3.8.0)
      rspec-core (~> 3.8.0)
      rspec-expectations (~> 3.8.0)
      rspec-mocks (~> 3.8.0)
    rspec-core (3.8.0)
      rspec-support (~> 3.8.0)
    rspec-expectations (3.8.2)
      diff-lcs (>= 1.2.0, < 2.0)
      rspec-support (~> 3.8.0)
    rspec-mocks (3.8.0)
      diff-lcs (>= 1.2.0, < 2.0)
      rspec-support (~> 3.8.0)
    rspec-support (3.8.0)
    ruby-progressbar (1.10.0)
    slop (4.6.2)
    term-ansicolor (1.7.1)
      tins (~> 1.0)
    terminal-table (1.8.0)
      unicode-display_width (~> 1.1, >= 1.1.1)
    tins (1.20.2)
    unicode-display_width (1.5.0)
    with_progress (1.0.1)
      ruby-progressbar (~> 1.4)

PLATFORMS
  ruby

DEPENDENCIES
  deep-cover!
  rspec

BUNDLED WITH
   2.0.1
